GIT
  remote: https://github.com/AlexVangelov/alexa-rubykit.git
  revision: b805a1f917f16a2523620aa3464d86f132664e97
  specs:
    alexa_rubykit (1.3.0)
      bundler (~> 1.7)
      rake

GEM
  remote: https://rubygems.org/
  specs:
    puma (3.10.0)
    rack (2.0.3)
    rake (12.3.0)

PLATFORMS
  ruby

DEPENDENCIES
  alexa_rubykit!
  puma
  rack

BUNDLED WITH
   1.16.0
